{
	"TaskName": "imagery",
	"Manufacturer": "Brain Products",
	"PowerLineFrequency": 60.0,
	"SamplingFrequency": 1000.0,
	"SoftwareFilters": "n/a",
	"RecordingDuration": 1340.999,
	"RecordingType": "continuous",
	"EEGReference": "nasion",
	"EEGGround": "AFz",
	"EEGPlacementScheme": "10-05 system",
	"EEGChannelCount": 62,
	"EOGChannelCount": 0,
	"ECGChannelCount": 0,
	"EMGChannelCount": 4,
	"TriggerChannelCount": 0,
	"ManufacturersModelName": "BrainAmp",
	"SoftwareVersions": "n/a",
	"HardwareFilters": "n/a",
	"TaskDescription": "Binary-class motor imagery (left/right hand grasping). Two sessions on different days, each with offline training and online test phases of 100 trials each. Trial duration: 4.0s, cue: 3.0s, imagery: 4.0s.",
	"Instructions": "Subjects performed the imagery task of grasping with the appropriate hand for 4 s when the right or left arrow appeared as a visual cue. First 3 s of each trial began with a black fixation cross to prepare subjects for the MI task. After each task, the screen remained blank for 6 s (\u00b1 1.5 s).",
	"CogAtlasID": "https://www.cognitiveatlas.org/task/id/trm_4c8a834779883/",
	"InstitutionName": "Korea University",
	"InstitutionAddress": "145 Anam-ro, Seongbuk-gu, Seoul, 02841, Korea",
	"InstitutionalDepartmentName": "Department of Brain and Cognitive Engineering",
	"CapManufacturer": "n/a",
	"CapManufacturersModelName": "n/a",
	"SubjectArtefactDescription": "Impedance kept below 10.0 kOhm",
	"DeviceSerialNumber": "n/a",
	"Description": "EEG dataset and OpenBMI toolbox for three BCI paradigms: an investigation into BCI illiteracy. Includes MI, ERP, and SSVEP paradigms with a large number of subjects over multiple sessions.",
	"MISCChannelCount": 0
}